GEM
  remote: http://rubygems.org/
  specs:
    brnumeros (3.3.0)

PLATFORMS
  x64-mingw-ucrt

DEPENDENCIES
  brnumeros (= 3.3.0)

BUNDLED WITH
   2.6.8
